PATH
  remote: .
  specs:
    claw_druid (0.0.0)
      httparty (~> 0.14.0)
      json (~> 2.0, >= 2.0.3)
      rake (~> 12.0)

GEM
  remote: https://rubygems.org/
  specs:
    httparty (0.14.0)
      multi_xml (>= 0.5.2)
    json (2.0.3)
    multi_xml (0.6.0)
    rake (12.0.0)

PLATFORMS
  ruby

DEPENDENCIES
  claw_druid!

BUNDLED WITH
   1.14.6
