PATH
  remote: .
  specs:
    claw_druid (0.0.0)
      httparty (~> 0.14.0)
      json (~> 1.7)
      rake (~> 12.0)

GEM
  remote: https://rubygems.org/
  specs:
    awesome_print (1.7.0)
    httparty (0.14.0)
      multi_xml (>= 0.5.2)
    json (1.8.6)
    multi_xml (0.6.0)
    rake (12.0.0)

PLATFORMS
  ruby

DEPENDENCIES
  awesome_print (~> 1.7)
  claw_druid!

BUNDLED WITH
   1.14.6
