PATH
  remote: .
  specs:
    claw_druid (0.0.1)
      activesupport (= 4.2.3)
      awesome_print (~> 1.7)
      httparty (~> 0.14.0)
      json (~> 1.7)
      rake (~> 12.0)

GEM
  remote: https://rubygems.org/
  specs:
    activesupport (4.2.3)
      i18n (~> 0.7)
      json (~> 1.7, >= 1.7.7)
      minitest (~> 5.1)
      thread_safe (~> 0.3, >= 0.3.4)
      tzinfo (~> 1.1)
    awesome_print (1.7.0)
    httparty (0.14.0)
      multi_xml (>= 0.5.2)
    i18n (0.8.1)
    json (1.8.6)
    minitest (5.10.1)
    multi_xml (0.6.0)
    rake (12.0.0)
    thread_safe (0.3.6)
    tzinfo (1.2.3)
      thread_safe (~> 0.1)

PLATFORMS
  ruby

DEPENDENCIES
  claw_druid!

BUNDLED WITH
   1.14.6
